GIT
  remote: https://github.com/defunkt/mustache
  revision: 5fa960715c4122857478bd3808eb135bacf325d7
  specs:
    mustache (0.99.4)

PATH
  remote: .
  specs:
    lims-print-label-app (0.2.1)
      aequitas
      colored
      rest-client
      virtus (= 0.2.0)

GEM
  remote: http://rubygems.org/
  specs:
    aequitas (0.0.2)
    bond (0.4.3)
    colored (1.2)
    columnize (0.3.6)
    debugger (1.6.1)
      columnize (>= 0.3.1)
      debugger-linecache (~> 1.2.0)
      debugger-ruby_core_source (~> 1.2.3)
    debugger-completion (1.0.0)
      bond (>= 0.4.2)
      debugger (~> 1.1)
    debugger-linecache (1.2.0)
    debugger-ruby_core_source (1.2.3)
    diff-lcs (1.1.3)
    github-markup (0.7.5)
    hashdiff (0.1.0)
    mime-types (1.25)
    rake (0.9.6)
    rest-client (1.6.7)
      mime-types (>= 1.16)
    rspec (2.8.0)
      rspec-core (~> 2.8.0)
      rspec-expectations (~> 2.8.0)
      rspec-mocks (~> 2.8.0)
    rspec-core (2.8.0)
    rspec-expectations (2.8.0)
      diff-lcs (~> 1.1.2)
    rspec-mocks (2.8.0)
    virtus (0.2.0)

PLATFORMS
  ruby

DEPENDENCIES
  debugger
  debugger-completion
  github-markup (~> 0.7.1)
  hashdiff
  lims-print-label-app!
  mustache (~> 0.99.4)!
  rake (~> 0.9.2)
  rspec (~> 2.8.0)
